GEM
  remote: https://rubygems.org/
  specs:
    colored (1.2)
    cri (2.4.1)
      colored (>= 1.2)
    facter (1.7.5)
    faraday (0.8.9)
      multipart-post (~> 1.2.0)
    faraday_middleware (0.9.0)
      faraday (>= 0.7.4, < 0.9)
    faraday_middleware-multi_json (0.0.5)
      faraday_middleware
      multi_json
    hiera (1.3.2)
      json_pure
    json_pure (1.8.1)
    log4r (1.1.10)
    multi_json (1.8.4)
    multipart-post (1.2.0)
    puppet (3.4.3)
      facter (~> 1.6)
      hiera (~> 1.0)
      rgen (~> 0.6.5)
    puppet-lint (0.3.2)
    puppet-syntax (1.2.0)
      puppet (>= 2.7.0)
      rake
    r10k (1.2.0)
      colored (>= 1.2)
      cri (~> 2.4.0)
      faraday (~> 0.8.8)
      faraday_middleware (~> 0.9.0)
      faraday_middleware-multi_json (~> 0.0.5)
      json_pure (~> 1.8.1)
      log4r (>= 1.1.10)
      multi_json (~> 1.8.2)
      systemu (~> 2.5.2)
    rake (10.2.2)
    rgen (0.6.6)
    systemu (2.5.2)

PLATFORMS
  ruby

DEPENDENCIES
  puppet
  puppet-lint
  puppet-syntax
  r10k
